GEM
  remote: http://rubygems.org/
  specs:
    htmlentities (4.3.0)
    nokogiri (1.5.0)

PLATFORMS
  ruby

DEPENDENCIES
  htmlentities
  nokogiri
